PATH
  remote: .
  specs:
    OBD (0.1.01)

GEM
  remote: https://rubygems.org/
  specs:
    awesome_print (1.8.0)
    diff-lcs (1.3)
    rake (10.5.0)
    rspec (3.7.0)
      rspec-core (~> 3.7.0)
      rspec-expectations (~> 3.7.0)
      rspec-mocks (~> 3.7.0)
    rspec-core (3.7.0)
      rspec-support (~> 3.7.0)
    rspec-expectations (3.7.0)
      diff-lcs (>= 1.2.0, < 2.0)
      rspec-support (~> 3.7.0)
    rspec-mocks (3.7.0)
      diff-lcs (>= 1.2.0, < 2.0)
      rspec-support (~> 3.7.0)
    rspec-support (3.7.0)
    serialport (1.3.1)
    yard (0.9.12)

PLATFORMS
  ruby

DEPENDENCIES
  OBD!
  awesome_print (~> 1.8.0)
  bundler (~> 1.16)
  rake (~> 10.0)
  rspec (~> 3.0)
  serialport (~> 1.3)
  yard (~> 0.9.12)

BUNDLED WITH
   1.16.0
